GEM
  remote: http://rubygems.org/
  specs:
    diff-lcs (1.2.5)
    eventmachine (1.2.0.1)
    json (1.8.3)
    metaclass (0.0.4)
    mocha (1.1.0)
      metaclass (~> 0.0.1)
    net-telnet (0.1.1)
    power_assert (0.2.6)
    rake (11.1.2)
    rdoc (4.2.2)
      json (~> 1.4)
    redcarpet (3.3.4)
    test-unit (3.1.5)
      power_assert
    yard (0.8.7.6)

PLATFORMS
  ruby

DEPENDENCIES
  diff-lcs
  eventmachine
  mocha
  net-telnet
  rake
  rdoc
  redcarpet
  test-unit
  yard

BUNDLED WITH
   1.12.3
